GEM
  remote: https://gems.ruby-china.com/
  specs:
    mustermann (2.0.2)
      ruby2_keywords (~> 0.0.1)
    nio4r (2.5.8)
    puma (6.0.0)
      nio4r (~> 2.0)
    rack (2.2.4)
    rack-protection (2.2.2)
      rack
    rack-test (2.0.2)
      rack (>= 1.3)
    ruby2_keywords (0.0.5)
    sinatra (2.2.2)
      mustermann (~> 2.0)
      rack (~> 2.2)
      rack-protection (= 2.2.2)
      tilt (~> 2.0)
    sinatra-subdomain (0.4.0)
      sinatra
    tilt (2.0.11)

PLATFORMS
  x86_64-linux

DEPENDENCIES
  puma
  rack-test
  sinatra
  sinatra-subdomain

BUNDLED WITH
   2.3.22
